{
  "InstitutionAddress": "Pavillon Baudot CHU Purpan, BP 25202, 31052 Toulouse Cedex",
  "InstitutionName": "Paul Sabatier Universite",
  "InstitutionalDepartmentName": "Centre de Recherche Cerveau et Cognition",
  "PowerLineFrequency": 50,
  "ManufacturersModelName": "Neuroscan Synamps 1 (model 5083)",
  "TaskName": "gonogo",
  "EEGChannelCount": 0,
  "MiscChannelCount": 31,
  "EEGReference": "common",
  "RecordingType": "continuous",
  "RecordingDuration": 209.04,
  "SamplingFrequency": 1000,
  "EOGChannelCount": 0,
  "ECGChannelCount": 0,
  "EMGChannelCount": 0,
  "SoftwareFilters": "n/a"
}